PATH
  remote: .
  specs:
    svcdeps_tasks (0.1.7)
      deep_merge (~> 1.2)
      rspec (~> 3.7)

GEM
  remote: https://rubygems.org/
  specs:
    deep_merge (1.2.1)
    diff-lcs (1.3)
    minitest (5.11.3)
    rake (10.5.0)
    rspec (3.7.0)
      rspec-core (~> 3.7.0)
      rspec-expectations (~> 3.7.0)
      rspec-mocks (~> 3.7.0)
    rspec-core (3.7.1)
      rspec-support (~> 3.7.0)
    rspec-expectations (3.7.0)
      diff-lcs (>= 1.2.0, < 2.0)
      rspec-support (~> 3.7.0)
    rspec-mocks (3.7.0)
      diff-lcs (>= 1.2.0, < 2.0)
      rspec-support (~> 3.7.0)
    rspec-support (3.7.1)

PLATFORMS
  ruby

DEPENDENCIES
  bundler (~> 1.16)
  minitest (~> 5.0)
  rake (~> 10.0)
  svcdeps_tasks!

BUNDLED WITH
   1.16.1
